PATH
  remote: .
  specs:
    cipr (0.1.0)
      choice
      json

GEM
  remote: http://rubygems.org/
  specs:
    choice (0.1.4)
    diff-lcs (1.1.3)
    json (1.6.1)
    rspec (2.7.0)
      rspec-core (~> 2.7.0)
      rspec-expectations (~> 2.7.0)
      rspec-mocks (~> 2.7.0)
    rspec-core (2.7.1)
    rspec-expectations (2.7.0)
      diff-lcs (~> 1.1.2)
    rspec-mocks (2.7.0)

PLATFORMS
  ruby

DEPENDENCIES
  cipr!
  rspec
