PATH
  remote: .
  specs:
    cipr (0.1.0)
      choice
      git
      github_api

GEM
  remote: http://rubygems.org/
  specs:
    addressable (2.2.6)
    choice (0.1.4)
    diff-lcs (1.1.3)
    faraday (0.7.5)
      addressable (~> 2.2.6)
      multipart-post (~> 1.1.3)
      rack (>= 1.1.0, < 2)
    git (1.2.5)
    github_api (0.2.1)
      faraday (~> 0.7.4)
      hashie (~> 1.1.0)
      multi_json (~> 1.0.3)
      oauth2 (~> 0.5.0)
    hashie (1.1.0)
    multi_json (1.0.3)
    multipart-post (1.1.3)
    oauth2 (0.5.1)
      faraday (~> 0.7.4)
      multi_json (~> 1.0.3)
    rack (1.3.5)
    rspec (2.7.0)
      rspec-core (~> 2.7.0)
      rspec-expectations (~> 2.7.0)
      rspec-mocks (~> 2.7.0)
    rspec-core (2.7.1)
    rspec-expectations (2.7.0)
      diff-lcs (~> 1.1.2)
    rspec-mocks (2.7.0)

PLATFORMS
  ruby

DEPENDENCIES
  cipr!
  rspec
